PATH
  remote: .
  specs:
    zendesk_apps_tools (3.8.0)
      execjs (~> 2.7.0)
      faraday (~> 0.9.2)
      faye-websocket (~> 0.10.7)
      listen (~> 2.10)
      rack-livereload
      rubyzip (~> 1.2.1)
      sinatra (~> 1.4.6)
      sinatra-cross_origin (~> 0.3.1)
      thin (~> 1.7.2)
      thor (~> 0.19.4)
      zendesk_apps_support (~> 4.29.2)

GEM
  remote: https://rubygems.org/
  specs:
    addressable (2.7.0)
      public_suffix (>= 2.0.2, < 5.0)
    aruba (0.14.14)
      childprocess (>= 0.6.3, < 4.0.0)
      contracts (~> 0.9)
      cucumber (>= 1.3.19)
      ffi (~> 1.9)
      rspec-expectations (>= 2.99)
      thor (>= 0.19, < 2.0)
    backports (3.15.0)
    builder (3.2.4)
    bump (0.8.0)
    celluloid (0.16.0)
      timers (~> 4.0.0)
    childprocess (3.0.0)
    concurrent-ruby (1.1.6)
    contracts (0.16.0)
    crack (0.4.3)
      safe_yaml (~> 1.0.0)
    crass (1.0.6)
    cucumber (3.1.2)
      builder (>= 2.1.2)
      cucumber-core (~> 3.2.0)
      cucumber-expressions (~> 6.0.1)
      cucumber-wire (~> 0.0.1)
      diff-lcs (~> 1.3)
      gherkin (~> 5.1.0)
      multi_json (>= 1.7.5, < 2.0)
      multi_test (>= 0.1.2)
    cucumber-core (3.2.1)
      backports (>= 3.8.0)
      cucumber-tag_expressions (~> 1.1.0)
      gherkin (~> 5.0)
    cucumber-expressions (6.0.1)
    cucumber-tag_expressions (1.1.1)
    cucumber-wire (0.0.1)
    daemons (1.3.1)
    diff-lcs (1.3)
    erubis (2.7.0)
    eventmachine (1.2.7)
    execjs (2.7.0)
    faraday (0.9.2)
      multipart-post (>= 1.2, < 3)
    faye-websocket (0.10.9)
      eventmachine (>= 0.12.0)
      websocket-driver (>= 0.5.1)
    ffi (1.9.25)
    gherkin (5.1.0)
    hashdiff (1.0.0)
    hitimes (2.0.0)
    i18n (1.8.2)
      concurrent-ruby (~> 1.0)
    image_size (2.0.2)
    ipaddress_2 (0.13.0)
    json (2.3.0)
    listen (2.10.1)
      celluloid (~> 0.16.0)
      rb-fsevent (>= 0.9.3)
      rb-inotify (>= 0.9)
    loofah (2.2.3)
      crass (~> 1.0.2)
      nokogiri (>= 1.5.9)
    mimemagic (0.3.5)
    mini_portile2 (2.3.0)
    multi_json (1.14.1)
    multi_test (0.1.2)
    multipart-post (2.1.1)
    nokogiri (1.8.5)
      mini_portile2 (~> 2.3.0)
    public_suffix (4.0.3)
    rack (1.6.13)
    rack-livereload (0.3.17)
      rack
    rack-protection (1.5.5)
      rack
    rake (13.0.1)
    rb-fsevent (0.10.4)
    rb-inotify (0.9.10)
      ffi (>= 0.5.0, < 2)
    rspec (3.9.0)
      rspec-core (~> 3.9.0)
      rspec-expectations (~> 3.9.0)
      rspec-mocks (~> 3.9.0)
    rspec-core (3.9.1)
      rspec-support (~> 3.9.1)
    rspec-expectations (3.9.0)
      diff-lcs (>= 1.2.0, < 2.0)
      rspec-support (~> 3.9.0)
    rspec-mocks (3.9.1)
      diff-lcs (>= 1.2.0, < 2.0)
      rspec-support (~> 3.9.0)
    rspec-support (3.9.2)
    rubyzip (1.2.4)
    safe_yaml (1.0.5)
    sass (3.7.4)
      sass-listen (~> 4.0.0)
    sass-listen (4.0.0)
      rb-fsevent (~> 0.9, >= 0.9.4)
      rb-inotify (~> 0.9, >= 0.9.7)
    sassc (1.11.4)
      bundler
      ffi (~> 1.9.6)
      sass (>= 3.3.0)
    sinatra (1.4.8)
      rack (~> 1.5)
      rack-protection (~> 1.4)
      tilt (>= 1.3, < 3)
    sinatra-cross_origin (0.3.2)
    thin (1.7.2)
      daemons (~> 1.0, >= 1.0.9)
      eventmachine (~> 1.0, >= 1.0.4)
      rack (>= 1, < 3)
    thor (0.19.4)
    tilt (2.0.10)
    timers (4.0.4)
      hitimes
    webmock (3.8.0)
      addressable (>= 2.3.6)
      crack (>= 0.3.2)
      hashdiff (>= 0.4.0, < 2.0.0)
    websocket-driver (0.7.1)
      websocket-extensions (>= 0.1.0)
    websocket-extensions (0.1.5)
    zendesk_apps_support (4.29.2)
      erubis
      i18n
      image_size
      ipaddress_2 (~> 0.13.0)
      json
      loofah (~> 2.2.3)
      mimemagic (~> 0.3.3)
      nokogiri (~> 1.8.5)
      rb-inotify (= 0.9.10)
      sass
      sassc (~> 1.11.2)

PLATFORMS
  ruby

DEPENDENCIES
  aruba
  bump
  cucumber
  rake
  rspec
  webmock
  zendesk_apps_tools!

BUNDLED WITH
   1.17.3
